GEM
  remote: https://rubygems.org/
  specs:
    caracal (1.4.1)
      nokogiri (~> 1.6)
      rubyzip (~> 1.1)
      tilt (>= 1.4)
    caxlsx (4.0.0)
      htmlentities (~> 4.3, >= 4.3.4)
      marcel (~> 1.0)
      nokogiri (~> 1.10, >= 1.10.4)
      rubyzip (>= 1.3.0, < 3)
    chartkick (5.0.4)
    docx (0.3.0)
      nokogiri (~> 1.8, >= 1.8.1)
      rubyzip (~> 1.2, >= 1.2.1)
    gruff (0.23.0)
      histogram
      rmagick (>= 5.3)
    histogram (0.2.4.1)
    htmlentities (4.3.4)
    marcel (1.0.2)
    nokogiri (1.15.4-x86_64-linux)
      racc (~> 1.4)
    pkg-config (1.5.5)
    racc (1.7.3)
    rmagick (5.3.0)
      pkg-config (~> 1.4)
    rubyzip (1.3.0)
    tilt (2.3.0)

PLATFORMS
  x86_64-linux

DEPENDENCIES
  caracal
  caxlsx
  chartkick
  docx
  gruff

BUNDLED WITH
   2.4.21
